GEM
  remote: https://rubygems.org/
  specs:
    activemodel (4.0.11)
      activesupport (= 4.0.11)
      builder (~> 3.1.0)
    activerecord (4.0.11)
      activemodel (= 4.0.11)
      activerecord-deprecated_finders (~> 1.0.2)
      activesupport (= 4.0.11)
      arel (~> 4.0.0)
    activerecord-deprecated_finders (1.0.3)
    activesupport (4.0.11)
      i18n (~> 0.6, >= 0.6.9)
      minitest (~> 4.2)
      multi_json (~> 1.3)
      thread_safe (~> 0.1)
      tzinfo (~> 0.3.37)
    arel (4.0.2)
    builder (3.1.4)
    camping (2.1.532)
      mab (>= 0.0.3)
      rack (>= 1.0)
    i18n (0.6.11)
    kgio (2.9.2)
    mab (0.0.3)
    minitest (4.7.5)
    multi_json (1.10.1)
    pg (0.17.1)
    rack (1.5.2)
    raindrops (0.13.0)
    sqlite3 (1.3.10)
    thread_safe (0.3.4)
    tzinfo (0.3.42)
    unicorn (4.8.3)
      kgio (~> 2.6)
      rack
      raindrops (~> 0.7)

PLATFORMS
  ruby

DEPENDENCIES
  activerecord (~> 4.0.9)
  camping
  pg
  sqlite3
  unicorn
